GIT
  remote: git://github.com/make-void/realex.git
  revision: a678865afc27a813287237962114e2bae99e9dcb
  specs:
    realex (0.4.1)
      builder
      nokogiri (~> 1.4)

GEM
  remote: http://rubygems.org/
  specs:
    builder (3.2.2)
    domain_name (0.5.20160309)
      unf (>= 0.0.5, < 1.0.0)
    haml (4.0.7)
      tilt
    http-cookie (1.0.2)
      domain_name (~> 0.5)
    mime-types (2.99.1)
    mini_portile2 (2.0.0)
    netrc (0.11.0)
    nokogiri (1.6.7.2)
      mini_portile2 (~> 2.0.0.rc2)
    puma (3.1.0)
    rack (1.6.4)
    rack-protection (1.5.3)
      rack
    rest-client (1.8.0)
      http-cookie (>= 1.0.2, < 2.0)
      mime-types (>= 1.16, < 3.0)
      netrc (~> 0.7)
    sinatra (1.4.7)
      rack (~> 1.5)
      rack-protection (~> 1.4)
      tilt (>= 1.3, < 3)
    tilt (2.0.2)
    unf (0.1.4)
      unf_ext
    unf_ext (0.0.7.2)

PLATFORMS
  ruby

DEPENDENCIES
  haml
  puma
  realex!
  rest-client
  sinatra

BUNDLED WITH
   1.11.2
